GEM
  remote: https://rubygems.org/
  specs:
    ansi (1.5.0)
    chronic (0.10.2)
    daemons (1.2.6)
    eventmachine (1.2.7)
    mustermann (1.0.3)
    papertrail (0.11.0)
      ansi (~> 1.5)
      chronic (~> 0.10)
    rack (2.0.6)
    rack-protection (2.0.4)
      rack
    sinatra (2.0.4)
      mustermann (~> 1.0)
      rack (~> 2.0)
      rack-protection (= 2.0.4)
      tilt (~> 2.0)
    thin (1.7.2)
      daemons (~> 1.0, >= 1.0.9)
      eventmachine (~> 1.0, >= 1.0.4)
      rack (>= 1, < 3)
    tilt (2.0.8)

PLATFORMS
  ruby

DEPENDENCIES
  papertrail
  sinatra
  thin

RUBY VERSION
   ruby 2.5.1p57

BUNDLED WITH
   1.16.2
